GEM
  remote: http://rubygems.org/
  specs:
    crack (0.1.8)
    daemons (1.1.4)
    eventmachine (0.12.10)
    haml (3.1.3)
    mime-types (1.16)
    nokogiri (1.5.0)
    rack (1.3.2)
    rack-flash (0.1.2)
      rack
    rest-client (1.6.6)
      mime-types (>= 1.16)
    sinatra (1.2.6)
      rack (~> 1.1)
      tilt (< 2.0, >= 1.2.2)
    thin (1.2.11)
      daemons (>= 1.0.9)
      eventmachine (>= 0.12.6)
      rack (>= 1.0.0)
    tilt (1.3.2)
    yajl-ruby (0.8.3)

PLATFORMS
  ruby

DEPENDENCIES
  crack
  haml
  nokogiri
  rack
  rack-flash
  rest-client
  sinatra
  thin
  yajl-ruby
